GEM
  remote: http://rubygems.org/
  specs:
    activesupport (3.0.20)
    builder (3.2.2)
    cucumber (1.3.8)
      builder (>= 2.1.2)
      diff-lcs (>= 1.1.3)
      gherkin (~> 2.12.1)
      multi_json (>= 1.7.5, < 2.0)
      multi_test (>= 0.0.2)
    diff-lcs (1.2.4)
    gherkin (2.12.1)
      multi_json (~> 1.3)
    i18n (0.5.4)
    multi_json (1.8.0)
    multi_test (0.0.2)
    osmlib-base (0.1.4)
    protojson (0.2.0)
      activesupport (~> 3.0.5)
      i18n (~> 0.5.0)
      ruby_protobuf (~> 0.4.10)
    rake (10.1.0)
    rspec-expectations (2.14.3)
      diff-lcs (>= 1.1.3, < 2.0)
    ruby_protobuf (0.4.11)
    sys-proctable (0.9.3)

PLATFORMS
  ruby

DEPENDENCIES
  cucumber
  osmlib-base
  protojson
  rake
  rspec-expectations
  sys-proctable
