GEM
  remote: http://rubygems.org/
  specs:
    activesupport (4.2.0)
      i18n (~> 0.7)
      json (~> 1.7, >= 1.7.7)
      minitest (~> 5.1)
      thread_safe (~> 0.3, >= 0.3.4)
      tzinfo (~> 1.1)
    builder (3.2.2)
    cucumber (1.3.8)
      builder (>= 2.1.2)
      diff-lcs (>= 1.1.3)
      gherkin (~> 2.12.1)
      multi_json (>= 1.7.5, < 2.0)
      multi_test (>= 0.0.2)
    diff-lcs (1.2.4)
    gherkin (2.12.1)
      multi_json (~> 1.3)
    i18n (0.7.0)
    json (1.8.2)
    middleware (0.1.0)
    minitest (5.5.1)
    multi_json (1.8.0)
    multi_test (0.0.2)
    osmlib-base (0.1.4)
    protobuf (3.4.2)
      activesupport (>= 3.2)
      middleware
      thor
      thread_safe
    rake (10.1.0)
    rspec-expectations (2.14.3)
      diff-lcs (>= 1.1.3, < 2.0)
    sys-proctable (0.9.3)
    thor (0.19.1)
    thread_safe (0.3.4)
    tzinfo (1.2.2)
      thread_safe (~> 0.1)

PLATFORMS
  ruby

DEPENDENCIES
  cucumber
  osmlib-base
  protobuf
  rake
  rspec-expectations
  sys-proctable
